GEM
  remote: https://rubygems.org/
  specs:
    activemodel (7.1.2)
      activesupport (= 7.1.2)
    activesupport (7.1.2)
      base64
      bigdecimal
      concurrent-ruby (~> 1.0, >= 1.0.2)
      connection_pool (>= 2.2.5)
      drb
      i18n (>= 1.6, < 2)
      minitest (>= 5.1)
      mutex_m
      tzinfo (~> 2.0)
    ast (2.4.2)
    base64 (0.2.0)
    bigdecimal (3.1.4)
    bson (4.15.0)
    clockwork (3.0.2)
      activesupport
      tzinfo
    coderay (1.1.3)
    concurrent-ruby (1.2.2)
    connection_pool (2.4.1)
    drb (2.2.0)
      ruby2_keywords
    execjs (2.9.1)
    ffi (1.16.3)
    get_process_mem (0.2.7)
      ffi (~> 1.0)
    haml (6.2.3)
      temple (>= 0.8.2)
      thor
      tilt
    i18n (1.14.1)
      concurrent-ruby (~> 1.0)
    json (2.6.3)
    language_server-protocol (3.17.0.3)
    lint_roller (1.1.0)
    method_source (1.0.0)
    minitest (5.20.0)
    mongo (2.19.3)
      bson (>= 4.14.1, < 5.0.0)
    mongoid (8.1.3)
      activemodel (>= 5.1, < 7.2, != 7.0.0)
      concurrent-ruby (>= 1.0.5, < 2.0)
      mongo (>= 2.18.0, < 3.0.0)
      ruby2_keywords (~> 0.0.5)
    mono_logger (1.1.2)
    multi_json (1.15.0)
    mustermann (3.0.0)
      ruby2_keywords (~> 0.0.1)
    mutex_m (0.2.0)
    newrelic_rpm (9.6.0)
      base64
    nio4r (2.6.1)
    nokogiri (1.15.5-arm64-darwin)
      racc (~> 1.4)
    nokogiri (1.15.5-x86_64-darwin)
      racc (~> 1.4)
    nokogiri (1.15.5-x86_64-linux)
      racc (~> 1.4)
    parallel (1.23.0)
    parser (3.2.2.4)
      ast (~> 2.4.1)
      racc
    prettier_print (1.2.1)
    pry (0.14.2)
      coderay (~> 1.1)
      method_source (~> 1.0)
    puma (6.4.0)
      nio4r (~> 2.0)
    puma_worker_killer (0.3.1)
      get_process_mem (~> 0.2)
      puma (>= 2.7)
    racc (1.7.3)
    rack (2.2.8)
    rack-protection (3.1.0)
      rack (~> 2.2, >= 2.2.4)
    rack-test (2.1.0)
      rack (>= 1.3)
    rainbow (3.1.1)
    rake (13.1.0)
    redis (5.0.8)
      redis-client (>= 0.17.0)
    redis-client (0.18.0)
      connection_pool
    redis-namespace (1.11.0)
      redis (>= 4)
    regexp_parser (2.8.2)
    resque (2.6.0)
      mono_logger (~> 1.0)
      multi_json (~> 1.0)
      redis-namespace (~> 1.6)
      sinatra (>= 0.9.2)
    rexml (3.2.6)
    rubocop (1.57.2)
      json (~> 2.3)
      language_server-protocol (>= 3.17.0)
      parallel (~> 1.10)
      parser (>= 3.2.2.4)
      rainbow (>= 2.2.2, < 4.0)
      regexp_parser (>= 1.8, < 3.0)
      rexml (>= 3.2.5, < 4.0)
      rubocop-ast (>= 1.28.1, < 2.0)
      ruby-progressbar (~> 1.7)
      unicode-display_width (>= 2.4.0, < 3.0)
    rubocop-ast (1.30.0)
      parser (>= 3.2.1.0)
    rubocop-performance (1.19.1)
      rubocop (>= 1.7.0, < 2.0)
      rubocop-ast (>= 0.4.0)
    ruby-lsp (0.3.8)
      language_server-protocol (~> 3.17.0)
      sorbet-runtime
      syntax_tree (>= 5.0.0, < 6)
    ruby-progressbar (1.13.0)
    ruby2_keywords (0.0.5)
    sassc (2.4.0)
      ffi (~> 1.9)
    sentry-resque (5.13.0)
      resque (>= 1.24)
      sentry-ruby (~> 5.13.0)
    sentry-ruby (5.13.0)
      concurrent-ruby (~> 1.0, >= 1.0.2)
    sinatra (3.1.0)
      mustermann (~> 3.0)
      rack (~> 2.2, >= 2.2.4)
      rack-protection (= 3.1.0)
      tilt (~> 2.0)
    sinatra-cross_origin (0.4.0)
    sinatra-redis (0.3.0)
      redis
      sinatra (>= 0.9.4)
    sorbet-runtime (0.5.11139)
    sprockets (4.0.3)
      concurrent-ruby (~> 1.0)
      rack (> 1, < 3)
    sprockets-helpers (1.4.0)
      sprockets (>= 2.2)
    standard (1.32.0)
      language_server-protocol (~> 3.17.0.2)
      lint_roller (~> 1.0)
      rubocop (~> 1.57.2)
      standard-custom (~> 1.0.0)
      standard-performance (~> 1.2)
    standard-custom (1.0.2)
      lint_roller (~> 1.0)
      rubocop (~> 1.50)
    standard-performance (1.2.1)
      lint_roller (~> 1.1)
      rubocop-performance (~> 1.19.1)
    standardrb (1.0.1)
      standard
    syntax_tree (5.3.0)
      prettier_print (>= 1.2.0)
    temple (0.10.3)
    thor (1.3.0)
    tilt (2.3.0)
    tzinfo (2.0.6)
      concurrent-ruby (~> 1.0)
    uglifier (4.2.0)
      execjs (>= 0.3.0, < 3)
    unicode-display_width (2.5.0)

PLATFORMS
  arm64-darwin-22
  x86_64-darwin-19
  x86_64-darwin-21
  x86_64-linux

DEPENDENCIES
  clockwork
  haml
  json
  minitest
  mongoid
  newrelic_rpm
  nokogiri
  pry
  puma
  puma_worker_killer
  rack
  rack-test
  rake
  redis
  resque
  ruby-lsp (~> 0.3.7)
  sassc
  sentry-resque
  sentry-ruby
  sinatra
  sinatra-cross_origin
  sinatra-redis
  sprockets (~> 4.0.2)
  sprockets-helpers
  standardrb
  uglifier

RUBY VERSION
   ruby 3.2.2p53

BUNDLED WITH
   2.3.3
